GEM
  remote: http://rubygems.org/
  specs:
    activemodel (5.0.0.1)
      activesupport (= 5.0.0.1)
    activerecord (5.0.0.1)
      activemodel (= 5.0.0.1)
      activesupport (= 5.0.0.1)
      arel (~> 7.0)
    activesupport (5.0.0.1)
      concurrent-ruby (~> 1.0, >= 1.0.2)
      i18n (~> 0.7)
      minitest (~> 5.1)
      tzinfo (~> 1.1)
    alphadecimal (1.1.2)
    arel (7.1.4)
    concurrent-ruby (1.0.2)
    i18n (0.7.0)
    minitest (5.9.1)
    pg (0.19.0)
    power_assert (0.2.6)
    rack (1.4.1)
    rack-test (0.6.1)
      rack (>= 1.0)
    shoulda (2.11.0)
    sinatra (1.0)
      rack (>= 1.0)
    test-unit (3.1.5)
      power_assert
    thread_safe (0.3.5)
    tzinfo (1.2.2)
      thread_safe (~> 0.1)

PLATFORMS
  ruby

DEPENDENCIES
  activerecord
  activesupport
  alphadecimal
  pg
  rack-test
  shoulda (= 2.11.0)
  sinatra (= 1.0.0)
  test-unit

BUNDLED WITH
   1.13.3
